GEM
  specs:
    byebug (9.0.5)
    json (1.8.3)

PLATFORMS
  ruby

DEPENDENCIES
  byebug
  json

BUNDLED WITH
   1.11.2
