GEM
  specs:
    awesome_print (1.6.1)
    byebug (9.0.5)
    json (1.8.3)

PLATFORMS
  ruby

DEPENDENCIES
  awesome_print
  byebug
  json

BUNDLED WITH
   1.11.2
